PATH
  remote: .
  specs:
    rack-rewrite (1.1.0)

GEM
  remote: http://rubygems.org/
  specs:
    mocha (0.9.12)
    rack (1.2.1)
    shoulda (2.10.3)

PLATFORMS
  ruby

DEPENDENCIES
  bundler (~> 1.0.10)
  mocha (~> 0.9.7)
  rack
  rack-rewrite!
  shoulda (~> 2.10.2)
